GEM
  remote: http://rubygems.org/
  specs:
    activemodel (3.2.9)
      activesupport (= 3.2.9)
      builder (~> 3.0.0)
    activeresource (3.2.9)
      activemodel (= 3.2.9)
      activesupport (= 3.2.9)
    activesupport (3.2.9)
      i18n (~> 0.6)
      multi_json (~> 1.0)
    builder (3.0.4)
    i18n (0.6.1)
    listen (0.6.0)
    multi_json (1.3.7)
    reactive_resource (0.7.0)
      activeresource (>= 3.1)
      activesupport (>= 3.1)

PLATFORMS
  ruby

DEPENDENCIES
  listen
  reactive_resource
